NUGET
  remote: https://nuget.org/api/v2
  specs:
    Bootflat (2.0.4)
      bootstrap (>= 3.3.0)
      jQuery (>= 1.11.0)
    bootstrap (3.3.4)
      jQuery (>= 1.9.1)
    FSharp.Core (3.1.2.1)
    FsPickler (1.0.15)
    jQuery (2.1.3)
    Microsoft.AspNet.Razor (3.2.3) - framework: >= net45
    RazorEngine (3.6.3)
      Microsoft.AspNet.Razor (>= 3.0.0) - framework: >= net45
      Microsoft.AspNet.Razor (2.0.30506.0) - framework: >= net40 < net45
    Suave (0.26.1)
      FSharp.Core (>= 3.1.2.1)
      FsPickler (>= 1.0.7)
