NUGET
  remote: https://nuget.org/api/v2
  specs:
    FSharp.Core (3.1.2.1)
    FsPickler (1.0.15)
    Suave (0.26.1)
      FSharp.Core (>= 3.1.2.1)
      FsPickler (>= 1.0.7)
